GEM
  remote: http://rubygems.org/
  specs:
    addressable (2.2.8)
    crack (0.3.1)
    geocoder (1.1.1)
    httparty (0.8.1)
      multi_json
      multi_xml
    multi_json (1.2.0)
    multi_xml (0.4.2)
    webmock (1.8.7)
      addressable (>= 2.2.7)
      crack (>= 0.1.7)

PLATFORMS
  ruby

DEPENDENCIES
  geocoder
  httparty
  webmock
